PATH
  remote: .
  specs:
    braze_api (0.1.0)
      faraday (~> 1.0.1)

GEM
  remote: https://rubygems.org/
  specs:
    coderay (1.1.3)
    diff-lcs (1.4.4)
    faraday (1.0.1)
      multipart-post (>= 1.2, < 3)
    method_source (1.0.0)
    multipart-post (2.1.1)
    pry (0.13.1)
      coderay (~> 1.1)
      method_source (~> 1.0)
    rake (12.3.3)
    rspec (3.9.0)
      rspec-core (~> 3.9.0)
      rspec-expectations (~> 3.9.0)
      rspec-mocks (~> 3.9.0)
    rspec-core (3.9.2)
      rspec-support (~> 3.9.3)
    rspec-expectations (3.9.2)
      diff-lcs (>= 1.2.0, < 2.0)
      rspec-support (~> 3.9.0)
    rspec-mocks (3.9.1)
      diff-lcs (>= 1.2.0, < 2.0)
      rspec-support (~> 3.9.0)
    rspec-support (3.9.3)

PLATFORMS
  ruby

DEPENDENCIES
  braze_api!
  bundler (~> 2.0)
  pry (~> 0.13.1)
  rake (~> 12.3.3)
  rspec (~> 3.9)

BUNDLED WITH
   2.0.1
